GEM
  remote: https://rubygems.org/
  specs:
    builder (3.2.2)
    cuba (3.8.0)
      rack (>= 1.6.0)
    cucumber (2.4.0)
      builder (>= 2.1.2)
      cucumber-core (~> 1.5.0)
      cucumber-wire (~> 0.0.1)
      diff-lcs (>= 1.1.3)
      gherkin (~> 4.0)
      multi_json (>= 1.7.5, < 2.0)
      multi_test (>= 0.1.2)
    cucumber-core (1.5.0)
      gherkin (~> 4.0)
    cucumber-wire (0.0.1)
    daemons (1.2.4)
    diff-lcs (1.2.5)
    eventmachine (1.2.0.1)
    gherkin (4.0.0)
    multi_json (1.12.1)
    multi_test (0.1.2)
    rack (2.0.1)
    thin (1.7.0)
      daemons (~> 1.0, >= 1.0.9)
      eventmachine (~> 1.0, >= 1.0.4)
      rack (>= 1, < 3)
    tilt (2.0.5)

PLATFORMS
  ruby

DEPENDENCIES
  cuba
  cucumber
  thin
  tilt

BUNDLED WITH
   1.13.1
